GEM
  remote: https://rubygems.org/
  specs:
    actioncable (7.1.4.1)
      actionpack (= 7.1.4.1)
      activesupport (= 7.1.4.1)
      nio4r (~> 2.0)
      websocket-driver (>= 0.6.1)
      zeitwerk (~> 2.6)
    actionmailbox (7.1.4.1)
      actionpack (= 7.1.4.1)
      activejob (= 7.1.4.1)
      activerecord (= 7.1.4.1)
      activestorage (= 7.1.4.1)
      activesupport (= 7.1.4.1)
      mail (>= 2.7.1)
      net-imap
      net-pop
      net-smtp
    actionmailer (7.1.4.1)
      actionpack (= 7.1.4.1)
      actionview (= 7.1.4.1)
      activejob (= 7.1.4.1)
      activesupport (= 7.1.4.1)
      mail (~> 2.5, >= 2.5.4)
      net-imap
      net-pop
      net-smtp
      rails-dom-testing (~> 2.2)
    actionpack (7.1.4.1)
      actionview (= 7.1.4.1)
      activesupport (= 7.1.4.1)
      nokogiri (>= 1.8.5)
      racc
      rack (>= 2.2.4)
      rack-session (>= 1.0.1)
      rack-test (>= 0.6.3)
      rails-dom-testing (~> 2.2)
      rails-html-sanitizer (~> 1.6)
    actiontext (7.1.4.1)
      actionpack (= 7.1.4.1)
      activerecord (= 7.1.4.1)
      activestorage (= 7.1.4.1)
      activesupport (= 7.1.4.1)
      globalid (>= 0.6.0)
      nokogiri (>= 1.8.5)
    actionview (7.1.4.1)
      activesupport (= 7.1.4.1)
      builder (~> 3.1)
      erubi (~> 1.11)
      rails-dom-testing (~> 2.2)
      rails-html-sanitizer (~> 1.6)
    activejob (7.1.4.1)
      activesupport (= 7.1.4.1)
      globalid (>= 0.3.6)
    activeldap (7.2.1)
      activemodel (>= 7.0)
      builder
      gettext
      gettext_i18n_rails
      locale
    activemodel (7.1.4.1)
      activesupport (= 7.1.4.1)
    activerecord (7.1.4.1)
      activemodel (= 7.1.4.1)
      activesupport (= 7.1.4.1)
      timeout (>= 0.4.0)
    activestorage (7.1.4.1)
      actionpack (= 7.1.4.1)
      activejob (= 7.1.4.1)
      activerecord (= 7.1.4.1)
      activesupport (= 7.1.4.1)
      marcel (~> 1.0)
    activesupport (7.1.4.1)
      base64
      bigdecimal
      concurrent-ruby (~> 1.0, >= 1.0.2)
      connection_pool (>= 2.2.5)
      drb
      i18n (>= 1.6, < 2)
      minitest (>= 5.1)
      mutex_m
      tzinfo (~> 2.0)
    addressable (2.8.7)
      public_suffix (>= 2.0.2, < 7.0)
    ast (2.4.2)
    base64 (0.2.0)
    bcrypt (3.1.20)
    bigdecimal (3.1.8)
    bindex (0.8.1)
    bootsnap (1.18.4)
      msgpack (~> 1.2)
    bootstrap_form (5.4.0)
      actionpack (>= 6.1)
      activemodel (>= 6.1)
    builder (3.3.0)
    capybara (3.40.0)
      addressable
      matrix
      mini_mime (>= 0.1.3)
      nokogiri (~> 1.11)
      rack (>= 1.6.0)
      rack-test (>= 0.6.3)
      regexp_parser (>= 1.5, < 3.0)
      xpath (~> 3.2)
    chronic (0.10.2)
    coderay (1.1.3)
    concurrent-ruby (1.3.4)
    config (5.5.2)
      deep_merge (~> 1.2, >= 1.2.1)
      ostruct
    connection_pool (2.4.1)
    crass (1.0.6)
    cssbundling-rails (1.4.1)
      railties (>= 6.0.0)
    csv (3.3.0)
    daemons (1.4.1)
    date (3.3.4)
    debug (1.9.2)
      irb (~> 1.10)
      reline (>= 0.3.8)
    deep_merge (1.2.2)
    delayed_job (4.1.12)
      activesupport (>= 3.0, < 8.0)
    delayed_job_active_record (4.1.10)
      activerecord (>= 3.0, < 8.0)
      delayed_job (>= 3.0, < 5)
    delayed_job_web (1.4.4)
      activerecord (> 3.0.0)
      delayed_job (> 2.0.3)
      rack-protection (>= 1.5.5)
      sinatra (>= 1.4.4)
    devise (4.9.4)
      bcrypt (~> 3.0)
      orm_adapter (~> 0.1)
      railties (>= 4.1.0)
      responders
      warden (~> 1.2.3)
    devise-i18n (1.12.1)
      devise (>= 4.9.0)
    devise_ldap_authenticatable (0.8.7)
      devise (>= 3.4.1)
      net-ldap (>= 0.16.0)
    drb (2.2.1)
    erubi (1.13.0)
    fast_gettext (3.1.0)
      prime
    ffi (1.17.0)
    formatador (1.1.0)
    forwardable (1.3.3)
    gettext (3.4.9)
      erubi
      locale (>= 2.0.5)
      prime
      racc
      text (>= 1.3.0)
    gettext_i18n_rails (1.13.0)
      fast_gettext (>= 0.9.0)
    globalid (1.2.1)
      activesupport (>= 6.1)
    guard (2.18.1)
      formatador (>= 0.2.4)
      listen (>= 2.7, < 4.0)
      lumberjack (>= 1.0.12, < 2.0)
      nenv (~> 0.1)
      notiffany (~> 0.0)
      pry (>= 0.13.0)
      shellany (~> 0.0)
      thor (>= 0.18.1)
    guard-compat (1.2.1)
    guard-minitest (2.4.6)
      guard-compat (~> 1.2)
      minitest (>= 3.0)
    i18n (1.14.6)
      concurrent-ruby (~> 1.0)
    i18n-active_record (1.3.0)
      i18n (>= 0.5.0)
    io-console (0.7.2)
    irb (1.14.1)
      rdoc (>= 4.0.0)
      reline (>= 0.4.2)
    jsbundling-rails (1.3.1)
      railties (>= 6.0.0)
    json (2.7.2)
    kaminari (1.2.2)
      activesupport (>= 4.1.0)
      kaminari-actionview (= 1.2.2)
      kaminari-activerecord (= 1.2.2)
      kaminari-core (= 1.2.2)
    kaminari-actionview (1.2.2)
      actionview
      kaminari-core (= 1.2.2)
    kaminari-activerecord (1.2.2)
      activerecord
      kaminari-core (= 1.2.2)
    kaminari-core (1.2.2)
    language_server-protocol (3.17.0.3)
    listen (3.9.0)
      rb-fsevent (~> 0.10, >= 0.10.3)
      rb-inotify (~> 0.9, >= 0.9.10)
    locale (2.1.4)
    logger (1.6.1)
    loofah (2.22.0)
      crass (~> 1.0.2)
      nokogiri (>= 1.12.0)
    lumberjack (1.2.10)
    mail (2.7.1)
      mini_mime (>= 0.1.1)
    mail-iso-2022-jp (2.0.9)
      mail (>= 2.2.6, <= 2.7.1)
    marcel (1.0.4)
    matrix (0.4.2)
    method_source (1.1.0)
    mini_mime (1.1.5)
    minitest (5.25.1)
    msgpack (1.7.2)
    mustache (1.1.1)
    mustermann (3.0.3)
      ruby2_keywords (~> 0.0.1)
    mutex_m (0.2.0)
    mysql2 (0.5.6)
    nenv (0.3.0)
    net-imap (0.4.17)
      date
      net-protocol
    net-ldap (0.19.0)
    net-pop (0.1.2)
      net-protocol
    net-protocol (0.2.2)
      timeout
    net-smtp (0.5.0)
      net-protocol
    nio4r (2.7.3)
    nokogiri (1.16.7-x86_64-linux)
      racc (~> 1.4)
    notiffany (0.1.3)
      nenv (~> 0.1)
      shellany (~> 0.0)
    octicons (19.11.0)
    octicons_helper (19.11.0)
      actionview
      octicons (= 19.11.0)
      railties
    orm_adapter (0.5.0)
    ostruct (0.6.0)
    parallel (1.26.3)
    parser (3.3.5.0)
      ast (~> 2.4.1)
      racc
    prime (0.1.2)
      forwardable
      singleton
    propshaft (1.1.0)
      actionpack (>= 7.0.0)
      activesupport (>= 7.0.0)
      rack
      railties (>= 7.0.0)
    pry (0.14.2)
      coderay (~> 1.1)
      method_source (~> 1.0)
    psych (5.1.2)
      stringio
    public_suffix (6.0.1)
    puma (6.4.3)
      nio4r (~> 2.0)
    pundit (2.4.0)
      activesupport (>= 3.0.0)
    racc (1.8.1)
    rack (3.1.8)
    rack-protection (4.0.0)
      base64 (>= 0.1.0)
      rack (>= 3.0.0, < 4)
    rack-session (2.0.0)
      rack (>= 3.0.0)
    rack-test (2.1.0)
      rack (>= 1.3)
    rackup (2.1.0)
      rack (>= 3)
      webrick (~> 1.8)
    rails (7.1.4.1)
      actioncable (= 7.1.4.1)
      actionmailbox (= 7.1.4.1)
      actionmailer (= 7.1.4.1)
      actionpack (= 7.1.4.1)
      actiontext (= 7.1.4.1)
      actionview (= 7.1.4.1)
      activejob (= 7.1.4.1)
      activemodel (= 7.1.4.1)
      activerecord (= 7.1.4.1)
      activestorage (= 7.1.4.1)
      activesupport (= 7.1.4.1)
      bundler (>= 1.15.0)
      railties (= 7.1.4.1)
    rails-dom-testing (2.2.0)
      activesupport (>= 5.0.0)
      minitest
      nokogiri (>= 1.6)
    rails-html-sanitizer (1.6.0)
      loofah (~> 2.21)
      nokogiri (~> 1.14)
    rails-i18n (7.0.9)
      i18n (>= 0.7, < 2)
      railties (>= 6.0.0, < 8)
    railties (7.1.4.1)
      actionpack (= 7.1.4.1)
      activesupport (= 7.1.4.1)
      irb
      rackup (>= 1.0.0)
      rake (>= 12.2)
      thor (~> 1.0, >= 1.2.2)
      zeitwerk (~> 2.6)
    rainbow (3.1.1)
    rake (13.2.1)
    ransack (4.2.1)
      activerecord (>= 6.1.5)
      activesupport (>= 6.1.5)
      i18n
    rb-fsevent (0.11.2)
    rb-inotify (0.11.1)
      ffi (~> 1.0)
    rdoc (6.7.0)
      psych (>= 4.0.0)
    regexp_parser (2.9.2)
    reline (0.5.10)
      io-console (~> 0.5)
    responders (3.1.1)
      actionpack (>= 5.2)
      railties (>= 5.2)
    rexml (3.3.9)
    rubocop (1.66.1)
      json (~> 2.3)
      language_server-protocol (>= 3.17.0)
      parallel (~> 1.10)
      parser (>= 3.3.0.2)
      rainbow (>= 2.2.2, < 4.0)
      regexp_parser (>= 2.4, < 3.0)
      rubocop-ast (>= 1.32.2, < 2.0)
      ruby-progressbar (~> 1.7)
      unicode-display_width (>= 2.4.0, < 3.0)
    rubocop-ast (1.32.3)
      parser (>= 3.3.1.0)
    rubocop-rails (2.26.2)
      activesupport (>= 4.2.0)
      rack (>= 1.1)
      rubocop (>= 1.52.0, < 2.0)
      rubocop-ast (>= 1.31.1, < 2.0)
    ruby-progressbar (1.13.0)
    ruby2_keywords (0.0.5)
    rubyzip (2.3.2)
    selenium-webdriver (4.25.0)
      base64 (~> 0.2)
      logger (~> 1.4)
      rexml (~> 3.2, >= 3.2.5)
      rubyzip (>= 1.2.2, < 3.0)
      websocket (~> 1.0)
    shellany (0.0.1)
    sinatra (4.0.0)
      mustermann (~> 3.0)
      rack (>= 3.0.0, < 4)
      rack-protection (= 4.0.0)
      rack-session (>= 2.0.0, < 3)
      tilt (~> 2.0)
    singleton (0.2.0)
    slim (5.2.1)
      temple (~> 0.10.0)
      tilt (>= 2.1.0)
    slim-rails (3.6.3)
      actionpack (>= 3.1)
      railties (>= 3.1)
      slim (>= 3.0, < 6.0, != 5.0.0)
    slim_lint (0.30.0)
      rexml (~> 3.2)
      rubocop (>= 1.0, < 2.0)
      slim (>= 3.0, < 6.0)
    stimulus-rails (1.3.4)
      railties (>= 6.0.0)
    stringio (3.1.1)
    temple (0.10.3)
    text (1.3.1)
    thor (1.3.2)
    tilt (2.4.0)
    timeout (0.4.1)
    turbo-rails (2.0.10)
      actionpack (>= 6.0.0)
      railties (>= 6.0.0)
    tzinfo (2.0.6)
      concurrent-ruby (~> 1.0)
    unicode-display_width (2.6.0)
    unicode-emoji (3.5.0)
      unicode-version (~> 1.0)
    unicode-version (1.4.0)
    warden (1.2.9)
      rack (>= 2.0.9)
    web-console (4.2.1)
      actionview (>= 6.0.0)
      activemodel (>= 6.0.0)
      bindex (>= 0.4.0)
      railties (>= 6.0.0)
    webrick (1.8.2)
    websocket (1.2.11)
    websocket-driver (0.7.6)
      websocket-extensions (>= 0.1.0)
    websocket-extensions (0.1.5)
    whenever (1.0.0)
      chronic (>= 0.6.3)
    xpath (3.2.0)
      nokogiri (~> 1.8)
    zeitwerk (2.6.18)

PLATFORMS
  x86_64-linux

DEPENDENCIES
  activeldap
  bootsnap
  bootstrap_form (~> 5.3)
  capybara
  config
  cssbundling-rails
  csv
  daemons
  debug
  delayed_job_active_record
  delayed_job_web
  devise
  devise-i18n
  devise_ldap_authenticatable
  guard
  guard-minitest
  i18n-active_record
  jsbundling-rails
  kaminari
  mail-iso-2022-jp
  mustache (~> 1.0)
  mysql2 (~> 0.5)
  net-ldap
  octicons
  octicons_helper
  propshaft
  psych (>= 4.0.4)
  puma (>= 5.0)
  pundit
  rails (~> 7.1.3)
  rails-i18n (~> 7.0.0)
  ransack
  rubocop
  rubocop-rails
  selenium-webdriver
  slim-rails
  slim_lint
  stimulus-rails
  turbo-rails
  tzinfo-data
  unicode-display_width
  unicode-emoji
  web-console
  whenever

RUBY VERSION
   ruby 3.0.4p208

BUNDLED WITH
   2.2.33
